GIT
  remote: git://github.com/clayallsopp/formotion.git
  revision: 1a411de24d58591a5ac64c17b78d305dc85a98c5
  branch: master
  specs:
    formotion (1.8)
      bubble-wrap (>= 1.4.0)
      motion-require (>= 0.1.0)

GIT
  remote: git://github.com/infinitered/cdq.git
  revision: 8d6b967e42ee0c949eac1c42ba7e7c92c02fd632
  specs:
    cdq (0.1.11)
      motion-yaml
      ruby-xcdm (~> 0.0, >= 0.0.8)

GIT
  remote: git://github.com/infinitered/ruby-xcdm.git
  revision: 4c0692203a0821843fb080b47bf70b2f55287ad1
  specs:
    ruby-xcdm (0.0.8)
      activesupport (~> 3.2)
      builder (~> 3.2)
      plist (~> 3.1)

GIT
  remote: git://github.com/markrickert/promotion_slide_menu.git
  revision: 2ed80c6c454702b2a11fcf80e6733beadf053a83
  branch: ECSlidingViewController
  specs:
    pro_motion_slide_menu (0.1.0)
      ProMotion (> 1.0)
      bubble-wrap
      motion-cocoapods

GIT
  remote: git://github.com/rubymotion/BubbleWrap.git
  revision: 301e25f52c508b423216a99ff31f1c4542cddf71
  specs:
    bubble-wrap (1.7.1)
      bubble-wrap-http (= 1.7.1)

PATH
  remote: ../ProMotion
  specs:
    ProMotion (2.1.0.beta1)
      methadone (~> 1.7)

GEM
  remote: https://rubygems.org/
  specs:
    activesupport (3.2.20)
      i18n (~> 0.6, >= 0.6.4)
      multi_json (~> 1.0)
    afmotion (2.4.1)
      motion-cocoapods (>= 1.4.1)
      motion-require (>= 0.1)
    bubble-wrap-http (1.7.1)
    builder (3.2.2)
    claide (0.7.0)
    cocoapods (0.34.4)
      activesupport (>= 3.2.15, < 4)
      claide (~> 0.7.0)
      cocoapods-core (= 0.34.4)
      cocoapods-downloader (~> 0.7.2)
      cocoapods-plugins (~> 0.3.1)
      cocoapods-trunk (~> 0.3.1)
      cocoapods-try (~> 0.4.1)
      colored (~> 1.2)
      escape (~> 0.0.4)
      json_pure (~> 1.8)
      nap (~> 0.8)
      open4 (~> 1.3)
      xcodeproj (~> 0.19.4)
    cocoapods-core (0.34.4)
      activesupport (>= 3.2.15)
      fuzzy_match (~> 2.0.4)
      json_pure (~> 1.8)
      nap (~> 0.8.0)
    cocoapods-downloader (0.7.2)
    cocoapods-plugins (0.3.2)
      nap
    cocoapods-trunk (0.3.1)
      json_pure (~> 1.8)
      nap (>= 0.8)
      netrc (= 0.7.8)
    cocoapods-try (0.4.2)
    colored (1.2)
    escape (0.0.4)
    fuzzy_match (2.0.4)
    i18n (0.6.11)
    json_pure (1.8.1)
    methadone (1.8.0)
      bundler
    motion-blitz (1.1.0)
      motion-cocoapods (>= 1.4.0)
    motion-cocoapods (1.7.0)
      cocoapods (>= 0.34)
    motion-hockeyapp (1.2.2)
      motion-cocoapods (>= 1.4.1)
    motion-require (0.2.0)
    motion-yaml (1.3)
    motion_print (0.0.4)
    multi_json (1.10.1)
    nap (0.8.0)
    netrc (0.7.8)
    open4 (1.3.4)
    plist (3.1.0)
    rake (10.3.2)
    ruby_motion_query (0.8.0)
    xcodeproj (0.19.4)
      activesupport (~> 3.0)
      colored (~> 1.2)

PLATFORMS
  ruby

DEPENDENCIES
  ProMotion!
  afmotion
  bubble-wrap!
  cdq!
  cocoapods
  formotion!
  motion-blitz
  motion-cocoapods
  motion-hockeyapp
  motion_print
  pro_motion_slide_menu!
  rake
  ruby-xcdm!
  ruby_motion_query
