GIT
  remote: git://github.com/clayallsopp/afmotion.git
  revision: 9dddf4846815ce94c782b7edfa38ee9dc6eca6f1
  specs:
    afmotion (2.6)
      motion-cocoapods (>= 1.4.1)
      motion-require (>= 0.1)

GIT
  remote: git://github.com/clayallsopp/formotion.git
  revision: 3f10445ef78708f271473b9f193d33af34624a7e
  branch: master
  specs:
    formotion (1.8)
      bubble-wrap (>= 1.4.0)
      motion-require (>= 0.1.0)

GIT
  remote: git://github.com/clearsightstudio/ProMotion-menu.git
  revision: 60769ce1c078a8ad173cd912d84e409118f1f6d8
  specs:
    ProMotion-menu (1.1.0)
      ProMotion (~> 2)
      motion-cocoapods (~> 1)

GIT
  remote: git://github.com/clearsightstudio/ProMotion.git
  revision: 6aed897cbf8d0227bb358065f3a6c168e5f2bbd5
  specs:
    ProMotion (2.6.0)
      methadone (~> 1.7)
      motion_print (~> 1.0)

GIT
  remote: git://github.com/rubymotion/BubbleWrap.git
  revision: f40ed83d23ef9ec150710fa2e0751d59e906bb00
  specs:
    bubble-wrap (1.9.6)

GEM
  remote: https://rubygems.org/
  specs:
    activesupport (4.2.7.1)
      i18n (~> 0.7)
      json (~> 1.7, >= 1.7.7)
      minitest (~> 5.1)
      thread_safe (~> 0.3, >= 0.3.4)
      tzinfo (~> 1.1)
    builder (3.2.2)
    cdq (1.0.8)
      motion-yaml (= 1.4)
      ruby-xcdm (>= 0.0.9)
    claide (1.0.1)
    cocoapods (1.0.1)
      activesupport (>= 4.0.2)
      claide (>= 1.0.0, < 2.0)
      cocoapods-core (= 1.0.1)
      cocoapods-deintegrate (>= 1.0.0, < 2.0)
      cocoapods-downloader (>= 1.0.0, < 2.0)
      cocoapods-plugins (>= 1.0.0, < 2.0)
      cocoapods-search (>= 1.0.0, < 2.0)
      cocoapods-stats (>= 1.0.0, < 2.0)
      cocoapods-trunk (>= 1.0.0, < 2.0)
      cocoapods-try (>= 1.0.0, < 2.0)
      colored (~> 1.2)
      escape (~> 0.0.4)
      fourflusher (~> 0.3.0)
      molinillo (~> 0.4.5)
      nap (~> 1.0)
      xcodeproj (>= 1.1.0, < 2.0)
    cocoapods-core (1.0.1)
      activesupport (>= 4.0.2)
      fuzzy_match (~> 2.0.4)
      nap (~> 1.0)
    cocoapods-deintegrate (1.0.1)
    cocoapods-downloader (1.1.1)
    cocoapods-plugins (1.0.0)
      nap
    cocoapods-search (1.0.0)
    cocoapods-stats (1.0.0)
    cocoapods-trunk (1.0.0)
      nap (>= 0.8, < 2.0)
      netrc (= 0.7.8)
    cocoapods-try (1.1.0)
    colored (1.2)
    escape (0.0.4)
    fourflusher (0.3.2)
    fuzzy_match (2.0.4)
    i18n (0.7.0)
    json (1.8.3)
    methadone (1.9.2)
      bundler
    minitest (5.9.1)
    molinillo (0.4.5)
    motion-appstore (1.0.11)
    motion-blitz (1.2.0)
      motion-cocoapods (>= 1.4.0)
    motion-cocoapods (1.8.1)
      cocoapods (>= 1.0.0)
    motion-require (0.2.0)
    motion-yaml (1.4)
    motion_print (1.2.0)
    nap (1.1.0)
    netrc (0.7.8)
    plist (3.2.0)
    rake (11.3.0)
    ruby-xcdm (0.0.9)
      activesupport (~> 4.1)
      builder (~> 3.2)
      plist (~> 3.1)
    ruby_motion_query (1.7.0)
    thread_safe (0.3.5)
    tzinfo (1.2.2)
      thread_safe (~> 0.1)
    xcodeproj (1.3.2)
      activesupport (>= 3)
      claide (>= 1.0.1, < 2.0)
      colored (~> 1.2)

PLATFORMS
  ruby

DEPENDENCIES
  ProMotion!
  ProMotion-menu!
  afmotion!
  bubble-wrap!
  cdq
  formotion!
  motion-appstore
  motion-blitz
  motion-yaml (= 1.4)
  motion_print
  rake
  ruby-xcdm
  ruby_motion_query

BUNDLED WITH
   1.12.5
