GIT
  remote: git://github.com/clayallsopp/formotion.git
  revision: 63d71d6b6c44ddea910f11625502fd5bff0a5103
  branch: master
  specs:
    formotion (1.8)
      bubble-wrap (>= 1.4.0)
      motion-require (>= 0.1.0)

GIT
  remote: git://github.com/clearsightstudio/ProMotion-menu.git
  revision: 60e00fa794d37845d2fdbe9103a4756f9426c92f
  branch: shadow
  specs:
    ProMotion-menu (1.0.0.beta2)
      ProMotion (~> 2)
      motion-cocoapods

GIT
  remote: git://github.com/clearsightstudio/ProMotion.git
  revision: 590790af2b9e39ced2442af149a683b578237fb1
  branch: version-2.3
  specs:
    ProMotion (2.2.1)
      methadone (~> 1.7)

GIT
  remote: git://github.com/infinitered/cdq.git
  revision: 568269287137c26de54fb387fa5088254a4b47a9
  specs:
    cdq (0.1.11)
      motion-yaml
      ruby-xcdm (~> 0.0, >= 0.0.8)

GIT
  remote: git://github.com/infinitered/ruby-xcdm.git
  revision: bf373792adb99c5ac0a631fb7aa91b179271ed89
  specs:
    ruby-xcdm (0.0.8)
      activesupport (~> 4.1)
      builder (~> 3.2)
      plist (~> 3.1)

GIT
  remote: git://github.com/rubymotion/BubbleWrap.git
  revision: 2dc5162c3395963b043bced711972938bf8a5a96
  specs:
    bubble-wrap (1.7.1)
      bubble-wrap-http (= 1.7.1)

GEM
  remote: https://rubygems.org/
  specs:
    activesupport (4.2.0)
      i18n (~> 0.7)
      json (~> 1.7, >= 1.7.7)
      minitest (~> 5.1)
      thread_safe (~> 0.3, >= 0.3.4)
      tzinfo (~> 1.1)
    afmotion (2.5)
      motion-cocoapods (>= 1.4.1)
      motion-require (>= 0.1)
    bubble-wrap-http (1.7.1)
    builder (3.2.2)
    claide (0.7.0)
    cocoapods (0.35.0)
      activesupport (>= 3.2.15)
      claide (~> 0.7.0)
      cocoapods-core (= 0.35.0)
      cocoapods-downloader (~> 0.8.0)
      cocoapods-plugins (~> 0.3.1)
      cocoapods-trunk (~> 0.4.1)
      cocoapods-try (~> 0.4.2)
      colored (~> 1.2)
      escape (~> 0.0.4)
      molinillo (~> 0.1.2)
      nap (~> 0.8)
      open4 (~> 1.3)
      xcodeproj (~> 0.20.2)
    cocoapods-core (0.35.0)
      activesupport (>= 3.2.15)
      fuzzy_match (~> 2.0.4)
      nap (~> 0.8.0)
    cocoapods-downloader (0.8.1)
    cocoapods-plugins (0.3.2)
      nap
    cocoapods-trunk (0.4.1)
      nap (>= 0.8)
      netrc (= 0.7.8)
    cocoapods-try (0.4.3)
    colored (1.2)
    escape (0.0.4)
    fuzzy_match (2.0.4)
    i18n (0.7.0)
    json (1.8.2)
    methadone (1.8.0)
      bundler
    minitest (5.5.1)
    molinillo (0.1.2)
    motion-appstore (1.0.6)
    motion-blitz (1.2.0)
      motion-cocoapods (>= 1.4.0)
    motion-cocoapods (1.7.0)
      cocoapods (>= 0.34)
    motion-require (0.2.0)
    motion-yaml (1.4)
    motion_print (0.0.4)
    nap (0.8.0)
    netrc (0.7.8)
    open4 (1.3.4)
    plist (3.1.0)
    rake (10.4.2)
    ruby_motion_query (1.1.0)
    thread_safe (0.3.4)
    tzinfo (1.2.2)
      thread_safe (~> 0.1)
    xcodeproj (0.20.2)
      activesupport (>= 3)
      colored (~> 1.2)

PLATFORMS
  ruby

DEPENDENCIES
  ProMotion!
  ProMotion-menu!
  afmotion
  bubble-wrap!
  cdq!
  cocoapods
  formotion!
  motion-appstore
  motion-blitz
  motion-cocoapods
  motion_print
  rake
  ruby-xcdm!
  ruby_motion_query
