GIT
  remote: git://github.com/markrickert/formotion.git
  revision: 317dd32bfcc4b78638111b629486abe211460c29
  branch: texties
  specs:
    formotion (1.6)
      bubble-wrap (~> 1.4.0)
      motion-require (~> 0.0.3)

GIT
  remote: git://github.com/markrickert/promotion_slide_menu.git
  revision: 7767fbdd506784b9a639a16a494a39558838c22e
  branch: ECSlidingViewController
  specs:
    pro_motion_slide_menu (0.1.0)
      ProMotion (~> 1.0)
      bubble-wrap
      motion-cocoapods

GIT
  remote: git://github.com/rubymotion/BubbleWrap.git
  revision: e38f818c31312636453673a25b698b86eccfa404
  specs:
    bubble-wrap (1.4.0)

GEM
  remote: https://rubygems.org/
  specs:
    ProMotion (1.1.2)
      methadone
    activesupport (3.2.16)
      i18n (~> 0.6, >= 0.6.4)
      multi_json (~> 1.0)
    awesome_print_motion (0.1.0)
    claide (0.4.0)
    cocoapods (0.29.0)
      activesupport (>= 3.2.15, < 4)
      claide (~> 0.4.0)
      cocoapods-core (= 0.29.0)
      cocoapods-downloader (~> 0.3.0)
      cocoapods-try-release-fix (~> 0.1.1)
      colored (~> 1.2)
      escape (~> 0.0.4)
      json_pure (~> 1.8)
      nap (~> 0.5)
      open4 (~> 1.3)
      xcodeproj (~> 0.14.1)
    cocoapods-core (0.29.0)
      activesupport (>= 3.2.15, < 4)
      fuzzy_match (~> 2.0.4)
      json_pure (~> 1.8)
      nap (~> 0.5)
    cocoapods-downloader (0.3.0)
    cocoapods-try-release-fix (0.1.1)
    colored (1.2)
    escape (0.0.4)
    fuzzy_match (2.0.4)
    i18n (0.6.9)
    json_pure (1.8.1)
    methadone (1.3.1)
      bundler
    motion-blitz (1.0.1)
      motion-cocoapods (>= 1.4.0)
    motion-cocoapods (1.4.0)
      cocoapods (>= 0.26.2)
    motion-require (0.0.7)
    motion_data_wrapper (0.0.7)
      bubble-wrap
    multi_json (1.8.4)
    nap (0.6.0)
    open4 (1.3.0)
    rake (10.1.1)
    rm_vendor (0.2)
      bubble-wrap
      motion-cocoapods
      sugarcube
    sugarcube (1.3.11)
    xcodeproj (0.14.1)
      activesupport (~> 3.0)
      colored (~> 1.2)
      rake

PLATFORMS
  ruby

DEPENDENCIES
  ProMotion
  awesome_print_motion
  bubble-wrap!
  cocoapods
  formotion!
  motion-blitz
  motion-cocoapods
  motion_data_wrapper
  pro_motion_slide_menu!
  rake
  rm_vendor
