GIT
  remote: git://github.com/clayallsopp/formotion.git
  revision: 63d71d6b6c44ddea910f11625502fd5bff0a5103
  branch: master
  specs:
    formotion (1.8)
      bubble-wrap (>= 1.4.0)
      motion-require (>= 0.1.0)

GIT
  remote: git://github.com/clearsightstudio/ProMotion-menu.git
  revision: fd3a5b057853c304ade8bbc8c6ad1daf7f8304f5
  specs:
    ProMotion-menu (1.0.0)
      ProMotion (~> 2)
      motion-cocoapods (~> 1)

GIT
  remote: git://github.com/clearsightstudio/ProMotion.git
  revision: e53d95d0bcc43d12cbf7ddffaa5760f7f25127c7
  branch: version-2.3
  specs:
    ProMotion (2.2.1)
      methadone (~> 1.7)

GIT
  remote: git://github.com/rubymotion/BubbleWrap.git
  revision: 2dc5162c3395963b043bced711972938bf8a5a96
  specs:
    bubble-wrap (1.7.1)
      bubble-wrap-http (= 1.7.1)

GEM
  remote: https://rubygems.org/
  specs:
    activesupport (3.2.21)
      i18n (~> 0.6, >= 0.6.4)
      multi_json (~> 1.0)
    afmotion (2.5)
      motion-cocoapods (>= 1.4.1)
      motion-require (>= 0.1)
    bubble-wrap-http (1.7.1)
    builder (3.2.2)
    cdq (0.1.11)
      motion-yaml
      ruby-xcdm (~> 0.0, >= 0.0.8)
    claide (0.7.0)
    cocoapods (0.35.0)
      activesupport (>= 3.2.15)
      claide (~> 0.7.0)
      cocoapods-core (= 0.35.0)
      cocoapods-downloader (~> 0.8.0)
      cocoapods-plugins (~> 0.3.1)
      cocoapods-trunk (~> 0.4.1)
      cocoapods-try (~> 0.4.2)
      colored (~> 1.2)
      escape (~> 0.0.4)
      molinillo (~> 0.1.2)
      nap (~> 0.8)
      open4 (~> 1.3)
      xcodeproj (~> 0.20.2)
    cocoapods-core (0.35.0)
      activesupport (>= 3.2.15)
      fuzzy_match (~> 2.0.4)
      nap (~> 0.8.0)
    cocoapods-downloader (0.8.1)
    cocoapods-plugins (0.3.2)
      nap
    cocoapods-trunk (0.4.1)
      nap (>= 0.8)
      netrc (= 0.7.8)
    cocoapods-try (0.4.3)
    colored (1.2)
    escape (0.0.4)
    fuzzy_match (2.0.4)
    i18n (0.7.0)
    methadone (1.8.0)
      bundler
    molinillo (0.1.2)
    motion-appstore (1.0.6)
    motion-blitz (1.2.0)
      motion-cocoapods (>= 1.4.0)
    motion-cocoapods (1.7.0)
      cocoapods (>= 0.34)
    motion-require (0.2.0)
    motion-yaml (1.4)
    motion_print (0.0.4)
    multi_json (1.10.1)
    nap (0.8.0)
    netrc (0.7.8)
    open4 (1.3.4)
    plist (3.1.0)
    rake (10.4.2)
    ruby-xcdm (0.0.8)
      activesupport (~> 3.2)
      builder (~> 3.2)
      plist (~> 3.1)
    ruby_motion_query (1.1.0)
    xcodeproj (0.20.2)
      activesupport (>= 3)
      colored (~> 1.2)

PLATFORMS
  ruby

DEPENDENCIES
  ProMotion!
  ProMotion-menu!
  afmotion
  bubble-wrap!
  cdq
  cocoapods
  formotion!
  motion-appstore
  motion-blitz
  motion-cocoapods
  motion_print
  rake
  ruby-xcdm
  ruby_motion_query

BUNDLED WITH
   1.10.4
